GIT
  remote: git://github.com/intridea/omniauth.git
  revision: 62c84408a5c07b57135db454383e1ce30a7967ef
  tag: v0.3.0.rc3
  specs:
    oa-basic (0.3.0.rc3)
      oa-core (= 0.3.0.rc3)
      rest-client (~> 1.6.0)
    oa-core (0.3.0.rc3)
    oa-enterprise (0.3.0.rc3)
      XMLCanonicalizer (~> 1.0.1)
      addressable (~> 2.2.6)
      net-ldap (~> 0.2.2)
      nokogiri (~> 1.5.0)
      oa-core (= 0.3.0.rc3)
      pyu-ruby-sasl (~> 0.0.3.1)
      rubyntlm (~> 0.1.1)
      uuid
    oa-more (0.3.0.rc3)
      multi_json (~> 1.0.0)
      oa-core (= 0.3.0.rc3)
      rest-client (~> 1.6.0)
    oa-oauth (0.3.0.rc3)
      faraday (~> 0.7.3)
      multi_json (~> 1.0.0)
      multi_xml (~> 0.3.0)
      oa-core (= 0.3.0.rc3)
      oauth (~> 0.4.0)
      oauth2 (~> 0.5.0)
    oa-openid (0.3.0.rc3)
      oa-core (= 0.3.0.rc3)
      rack-openid (~> 1.3.1)
      ruby-openid-apps-discovery (~> 1.2.0)
    omniauth (0.3.0.rc3)
      oa-basic (= 0.3.0.rc3)
      oa-core (= 0.3.0.rc3)
      oa-enterprise (= 0.3.0.rc3)
      oa-more (= 0.3.0.rc3)
      oa-oauth (= 0.3.0.rc3)
      oa-openid (= 0.3.0.rc3)

GEM
  remote: http://rubygems.org/
  specs:
    XMLCanonicalizer (1.0.1)
      log4r (>= 1.0.4)
    actionmailer (3.2.22.5)
      actionpack (= 3.2.22.5)
      mail (~> 2.5.4)
    actionpack (3.2.22.5)
      activemodel (= 3.2.22.5)
      activesupport (= 3.2.22.5)
      builder (~> 3.0.0)
      erubis (~> 2.7.0)
      journey (~> 1.0.4)
      rack (~> 1.4.5)
      rack-cache (~> 1.2)
      rack-test (~> 0.6.1)
      sprockets (~> 2.2.1)
    activemodel (3.2.22.5)
      activesupport (= 3.2.22.5)
      builder (~> 3.0.0)
    activerecord (3.2.22.5)
      activemodel (= 3.2.22.5)
      activesupport (= 3.2.22.5)
      arel (~> 3.0.2)
      tzinfo (~> 0.3.29)
    activeresource (3.2.22.5)
      activemodel (= 3.2.22.5)
      activesupport (= 3.2.22.5)
    activesupport (3.2.22.5)
      i18n (~> 0.6, >= 0.6.4)
      multi_json (~> 1.0)
    addressable (2.2.8)
    arel (3.0.3)
    bcrypt-ruby (3.0.1)
    bcrypt-ruby (3.0.1-x86-mingw32)
    builder (3.0.4)
    carrierwave (0.5.1)
      activesupport (~> 3.0)
    concurrent-ruby (1.1.10)
    connection_pool (0.1.0)
    daemons (1.1.0)
    devise (1.4.5)
      bcrypt-ruby (~> 3.0)
      orm_adapter (~> 0.0.3)
      warden (~> 1.0.3)
    diff-lcs (1.1.3)
    erubis (2.7.0)
    excon (0.5.6)
    factory_girl (1.3.3)
    factory_girl_rails (1.0)
      factory_girl (~> 1.3)
      rails (>= 3.0.0.beta4)
    faker (0.3.1)
    faraday (0.7.6)
      addressable (~> 2.2)
      multipart-post (~> 1.1)
      rack (~> 1.1)
    fog (0.5.2)
      builder
      excon (>= 0.5.2)
      formatador (>= 0.0.16)
      json
      mime-types
      net-ssh (>= 2.0.23)
      nokogiri (>= 1.4.4)
      ruby-hmac
    formatador (0.2.1)
    girl_friday (0.9.7)
      connection_pool (~> 0.1.0)
    gravatar_image_tag (1.0.0.pre2)
    hike (1.2.3)
    i18n (0.9.5)
      concurrent-ruby (~> 1.0)
    journey (1.0.4)
    json (1.7.0)
    log4r (1.1.10)
    macaddr (1.5.0)
      systemu (>= 2.4.0)
    mail (2.5.5)
      mime-types (~> 1.16)
      treetop (~> 1.4.8)
    mime-types (1.25.1)
    multi_json (1.0.4)
    multi_xml (0.3.0)
    multipart-post (1.1.5)
    mysql2 (0.2.18)
    mysql2 (0.2.18-x86-mingw32)
    net-ldap (0.2.2)
    net-ssh (2.3.0)
    nokogiri (1.5.2)
    nokogiri (1.5.2-x86-mingw32)
    oauth (0.4.6)
    oauth2 (0.5.2)
      faraday (~> 0.7)
      multi_json (~> 1.0)
    orm_adapter (0.0.7)
    polyglot (0.3.5)
    pyu-ruby-sasl (0.0.3.3)
    rack (1.4.7)
    rack-cache (1.13.0)
      rack (>= 0.4)
    rack-openid (1.3.1)
      rack (>= 1.1.0)
      ruby-openid (>= 2.1.8)
    rack-ssl (1.3.4)
      rack
    rack-test (0.6.3)
      rack (>= 1.0)
    rails (3.2.22.5)
      actionmailer (= 3.2.22.5)
      actionpack (= 3.2.22.5)
      activerecord (= 3.2.22.5)
      activeresource (= 3.2.22.5)
      activesupport (= 3.2.22.5)
      bundler (~> 1.0)
      railties (= 3.2.22.5)
    rails3-jquery-autocomplete (1.0.7)
      rails (~> 3.0)
    railties (3.2.22.5)
      actionpack (= 3.2.22.5)
      activesupport (= 3.2.22.5)
      rack-ssl (~> 1.3.2)
      rake (>= 0.8.7)
      rdoc (~> 3.4)
      thor (>= 0.14.6, < 2.0)
    rake (0.9.2.2)
    rdoc (3.12.2)
      json (~> 1.4)
    rest-client (1.6.7)
      mime-types (>= 1.16)
    rspec (2.3.0)
      rspec-core (~> 2.3.0)
      rspec-expectations (~> 2.3.0)
      rspec-mocks (~> 2.3.0)
    rspec-core (2.3.1)
    rspec-expectations (2.3.0)
      diff-lcs (~> 1.1.2)
    rspec-mocks (2.3.0)
    rspec-rails (2.3.0)
      actionpack (~> 3.0)
      activesupport (~> 3.0)
      railties (~> 3.0)
      rspec (~> 2.3.0)
    ruby-hmac (0.4.0)
    ruby-openid (2.1.8)
    ruby-openid-apps-discovery (1.2.0)
      ruby-openid (>= 2.1.7)
    rubyntlm (0.1.1)
    sprockets (2.2.3)
      hike (~> 1.2)
      multi_json (~> 1.0)
      rack (~> 1.0)
      tilt (~> 1.1, != 1.3.0)
    sqlite3-ruby (1.3.2)
    sqlite3-ruby (1.3.2-x86-mingw32)
    systemu (2.5.0)
    thor (1.2.1)
    tilt (1.4.1)
    treetop (1.4.15)
      polyglot
      polyglot (>= 0.3.1)
    tzinfo (0.3.60)
    uuid (2.3.5)
      macaddr (~> 1.0)
    warden (1.0.6)
      rack (>= 1.0)
    webrat (0.7.1)
      nokogiri (>= 1.2.0)
      rack (>= 1.0)
      rack-test (>= 0.5.3)
    will_paginate (3.0.pre2)

PLATFORMS
  ruby
  x86-mingw32

DEPENDENCIES
  carrierwave (= 0.5.1)
  daemons (= 1.1.0)
  devise (= 1.4.5)
  excon (= 0.5.6)
  factory_girl_rails (= 1.0)
  faker (= 0.3.1)
  fog (= 0.5.2)
  girl_friday (= 0.9.7)
  gravatar_image_tag (= 1.0.0.pre2)
  mysql2 (< 0.3)
  nokogiri
  omniauth!
  rails (= 3.2.22.5)
  rails3-jquery-autocomplete
  rake (= 0.9.2.2)
  rspec (= 2.3.0)
  rspec-rails (= 2.3.0)
  sqlite3-ruby (= 1.3.2)
  webrat (= 0.7.1)
  will_paginate (= 3.0.pre2)
